GEM
  remote: http://rubygems.org/
  specs:
    git (1.2.5)
    jeweler (1.6.2)
      bundler (~> 1.0)
      git (>= 1.2.5)
      rake
    rake (0.9.2)
    rake-compiler (0.7.8)
      rake
    rcov (0.9.9)
    redgreen (1.2.2)
    shoulda (2.11.3)
    shoulda-context (1.0.0.beta1)

PLATFORMS
  ruby

DEPENDENCIES
  bundler (~> 1.0.0)
  jeweler (~> 1.6.0)
  rake-compiler
  rcov
  redgreen
  shoulda
  shoulda-context
